GIT
  remote: https://github.com/rails-sqlserver/tiny_tds.git
  revision: ed4e43ec2598fc7879359f53b6d941b9e92234bc
  specs:
    tiny_tds (0.6.3)

GEM
  remote: https://rubygems.org/
  specs:
    appsignal (0.11.9)
      rack
      thread_safe
    backports (3.6.4)
    metaclass (0.0.4)
    minitest (5.5.1)
    mocha (1.1.0)
      metaclass (~> 0.0.1)
    multi_json (1.11.0)
    rack (1.6.0)
    rack-protection (1.5.3)
      rack
    rack-test (0.6.3)
      rack (>= 1.0)
    sinatra (1.4.6)
      rack (~> 1.4)
      rack-protection (~> 1.4)
      tilt (>= 1.3, < 3)
    sinatra-contrib (1.4.2)
      backports (>= 2.0)
      multi_json
      rack-protection
      rack-test
      sinatra (~> 1.4.0)
      tilt (~> 1.3)
    thread_safe (0.3.5)
    tilt (1.3.7)
    timecop (0.7.1)

PLATFORMS
  ruby

DEPENDENCIES
  appsignal
  minitest
  mocha
  sinatra
  sinatra-contrib
  tilt (= 1.3.7)
  timecop
  tiny_tds!
